GEM
  remote: https://rubygems.org/
  specs:
    backports (3.6.8)
    debase (0.2.1)
      debase-ruby_core_source
    debase-ruby_core_source (0.9.2)
    multi_json (1.12.1)
    rack (1.6.4)
    rack-protection (1.5.3)
      rack
    rack-test (0.6.3)
      rack (>= 1.0)
    rake (11.2.2)
    ruby-debug-ide (0.6.0)
      rake (>= 0.8.1)
    sinatra (1.4.7)
      rack (~> 1.5)
      rack-protection (~> 1.4)
      tilt (>= 1.3, < 3)
    sinatra-contrib (1.4.7)
      backports (>= 2.0)
      multi_json
      rack-protection
      rack-test
      sinatra (~> 1.4.0)
      tilt (>= 1.3, < 3)
    sqlite3 (1.3.11)
    sqlite3 (1.3.11-x86-mingw32)
    tilt (2.0.5)

PLATFORMS
  ruby
  x86-mingw32

DEPENDENCIES
  debase
  ruby-debug-ide
  sinatra
  sinatra-contrib
  sqlite3

BUNDLED WITH
   1.13.0
